GEM
  remote: https://rubygems.org/
  specs:
    coderay (1.1.0)
    dotenv (0.9.0)
    eventmachine (1.0.3)
    foreman (0.63.0)
      dotenv (>= 0.7)
      thor (>= 0.13.6)
    http_parser.rb (0.5.3)
    httpclient (2.3.4.1)
    json (1.8.1)
    method_source (0.8.2)
    multi_json (1.8.4)
    mysql2 (0.3.15)
    pry (0.9.12.5)
      coderay (~> 1.0)
      method_source (~> 0.8)
      slop (~> 3.4)
    pusher (0.12.0)
      httpclient (~> 2.3.0)
      multi_json (~> 1.0)
      signature (~> 0.1.6)
    signature (0.1.7)
    simple_oauth (0.1.9)
    slop (3.4.7)
    thor (0.18.1)
    twitter-stream (0.1.16)
      eventmachine (>= 0.12.8)
      http_parser.rb (~> 0.5.1)
      simple_oauth (~> 0.1.4)

PLATFORMS
  ruby

DEPENDENCIES
  foreman
  json
  mysql2
  pry
  pusher
  twitter-stream
